{
  "SeriesDescription": "mmi_run 2",
  "NumberofTemporalPositions": 240,
  "ImagesinAcquisition": 32,
  "RepetitionTime": 2.0,
  "EchoTime": 0.03,
  "SliceThickness": 3,
  "PixelSpacing": "3.75\\3.75",
  "SpacingBetweenSlices": 4,
  "ReconstructionDiameter": 240,
  "AcquisitionMatrix": "64 0 0 64",
  "FlipAngle": 65,
  "PulseSequenceName": "epirtnih",
  "InternalPulseSequenceName": "epi",
  "DataSharing": "1",
  "SliceTiming": [
    0.0,
    1.0,
    0.0625,
    1.0625,
    0.125,
    1.125,
    0.1875,
    1.1875,
    0.25,
    1.25,
    0.3125,
    1.3125,
    0.375,
    1.375,
    0.4375,
    1.4375,
    0.5,
    1.5,
    0.5625,
    1.5625,
    0.625,
    1.625,
    0.6875,
    1.6875,
    0.75,
    1.75,
    0.8125,
    1.8125,
    0.875,
    1.875,
    0.9375,
    1.9375
  ],
  "PhaseEncodingDirection": "j",
  "TaskName": "MMI",
  "Modality": "MR",
  "MagneticFieldStrength": 3,
  "Manufacturer": "GE",
  "ManufacturersModelName": "DISCOVERY_MR750",
  "InstitutionName": "NIH_FMRIF",
  "SoftwareVersions": "27 lx mr software release:dv26.0_r01_1725.a",
  "PixelBandwidth": 7812.5,
  "TotalReadoutTime": 0.012276,
  "EffectiveEchoSpacing": 0.000194857,
  "StationName": "3TA"
}