{
  "SeriesDescription": "mmi opposite pe for distortion correction",
  "NumberofTemporalPositions": 10,
  "ImagesinAcquisition": 41,
  "RepetitionTime": 2.0,
  "EchoTime": 0.03,
  "SliceThickness": 3,
  "PixelSpacing": "3.75\\3.75",
  "SpacingBetweenSlices": 3.3,
  "ReconstructionDiameter": 240,
  "AcquisitionMatrix": "64 0 0 64",
  "FlipAngle": 65,
  "PulseSequenceName": "epirtnih",
  "InternalPulseSequenceName": "epi",
  "DataSharing": "1",
  "SliceTiming": [
    0.0,
    1.02439,
    0.04878,
    1.073171,
    0.097561,
    1.121951,
    0.146341,
    1.170732,
    0.195122,
    1.219512,
    0.243902,
    1.268293,
    0.292683,
    1.317073,
    0.341463,
    1.365854,
    0.390244,
    1.414634,
    0.439024,
    1.463415,
    0.487805,
    1.512195,
    0.536585,
    1.560976,
    0.585366,
    1.609756,
    0.634146,
    1.658537,
    0.682927,
    1.707317,
    0.731707,
    1.756098,
    0.780488,
    1.804878,
    0.829268,
    1.853659,
    0.878049,
    1.902439,
    0.926829,
    1.95122,
    0.97561
  ],
  "PhaseEncodingDirection": "j",
  "IntendedFor": [
    "ses-visit1/func/sub-23720_ses-visit1_task-MMI_run-1_bold.nii.gz",
    "ses-visit1/func/sub-23720_ses-visit1_task-MMI_run-2_bold.nii.gz",
    "ses-visit1/func/sub-23720_ses-visit1_task-MMI_run-3_bold.nii.gz"
  ],
  "Modality": "MR",
  "MagneticFieldStrength": 3,
  "Manufacturer": "GE",
  "ManufacturersModelName": "DISCOVERY_MR750",
  "InstitutionName": "NIH_FMRIF",
  "SoftwareVersions": "27 lx mr software release:dv26.0_r01_1725.a",
  "PixelBandwidth": 7812.5,
  "TotalReadoutTime": 0.024948,
  "EffectiveEchoSpacing": 0.000396,
  "StationName": "3TA"
}