{
  "SeriesDescription": "anat_t1w_mp_rage_1mm",
  "SeriesNumber": 3,
  "AcquisitionNumber": 1,
  "Modality": "MR",
  "Manufacturer": "GE",
  "Manufacturer'sModelName": "discovery mr750",
  "SoftwareVersion(s)": "27\\lx\\mr software release:dv26.0_r01_1725.a",
  "ScanOptions": "edr_gems\\filtered_gems\\acc_gems\\ir_gems",
  "MRAcquisitionType": "3d",
  "RepetitionTime": 0.00766,
  "InversionTime": 0.9,
  "EchoTime": 0.003476,
  "EchoNumber(s)": 1,
  "EchoTrainLength": 1,
  "ReconstructionDiameter": 256,
  "SliceThickness": 1,
  "SpacingBetweenSlices": 1,
  "ImagesinAcquisition": 172,
  "AcquisitionMatrix": "0 256 256 0",
  "Rows": 256,
  "Columns": 256,
  "PixelSpacing": "1\\1",
  "PixelBandwidth": 195.312,
  "SamplesperPixel": 1,
  "FlipAngle": 7,
  "NumberofAverages": 1,
  "ReceiveCoilName": "32ch head",
  "In-planePhaseEncodingDirection": "row",
  "PrivateIn-PlanePhaseEncodingDirection": "row",
  "SliceLocation": -89.01570129,
  "PulseSequenceName": "mprage",
  "InternalPulseSequenceName": "efgre3d",
  "DataSharing": "1",
  "MagneticFieldStrength": 3,
  "ManufacturersModelName": "DISCOVERY_MR750",
  "InstitutionName": "NIH_FMRIF",
  "SoftwareVersions": "27 lx mr software release:dv26.0_r01_1725.a",
  "StationName": "3TC"
}